PATH
  remote: .
  specs:
    nw_servers (0.3)
      bindata (~> 2.4)
      nokogiri (~> 1.8)
      savon (~> 2.12)

GEM
  remote: https://rubygems.org/
  specs:
    akami (1.3.1)
      gyoku (>= 0.4.0)
      nokogiri
    awesome_print (1.8.0)
    bindata (2.4.2)
    builder (3.2.3)
    gyoku (1.3.1)
      builder (>= 2.1.2)
    httpi (2.4.3)
      rack
      socksify
    mini_portile2 (2.3.0)
    nokogiri (1.8.2-x64-mingw32)
      mini_portile2 (~> 2.3.0)
    nori (2.6.0)
    rack (2.0.4)
    savon (2.12.0)
      akami (~> 1.2)
      builder (>= 2.1.2)
      gyoku (~> 1.2)
      httpi (~> 2.3)
      nokogiri (>= 1.8.1)
      nori (~> 2.4)
      wasabi (~> 3.4)
    socksify (1.7.1)
    wasabi (3.5.0)
      httpi (~> 2.0)
      nokogiri (>= 1.4.2)

PLATFORMS
  x64-mingw32

DEPENDENCIES
  awesome_print (~> 1.8)
  nw_servers!

BUNDLED WITH
   1.16.1
